GIT
  remote: https://github.com/rchampourlier/guard-shotgun.git
  revision: 0677d3ff0a8fe481a9d0f9fd9eaf1f212f623144
  specs:
    guard-shotgun (0.3.0)
      ffi
      guard
      spoon

GEM
  remote: https://rubygems.org/
  specs:
    bourbon (4.0.0)
      sass (~> 3.3)
      thor
    celluloid (0.15.2)
      timers (~> 1.1.0)
    celluloid-io (0.15.0)
      celluloid (>= 0.15.0)
      nio4r (>= 0.5.0)
    coderay (1.1.0)
    em-websocket (0.5.0)
      eventmachine (>= 0.12.9)
      http_parser.rb (~> 0.5.3)
    eventmachine (1.0.3)
    ffi (1.9.3)
    formatador (0.2.4)
    growl (1.0.3)
    guard (2.6.0)
      formatador (>= 0.2.4)
      listen (~> 2.7)
      lumberjack (~> 1.0)
      pry (>= 0.9.12)
      thor (>= 0.18.1)
    guard-livereload (2.1.2)
      em-websocket (~> 0.5)
      guard (~> 2.0)
      multi_json (~> 1.8)
    guard-sass (1.4.0)
      guard (>= 1.1.0)
      sass (>= 3.1)
    http_parser.rb (0.5.3)
    json (1.8.1)
    listen (2.7.1)
      celluloid (>= 0.15.2)
      celluloid-io (>= 0.15.0)
      rb-fsevent (>= 0.9.3)
      rb-inotify (>= 0.9)
    lumberjack (1.0.5)
    method_source (0.8.2)
    mime-types (2.2)
    multi_json (1.9.2)
    neat (1.6.0)
      bourbon (>= 3.1)
      sass (>= 3.3)
    nio4r (1.0.0)
    pry (0.9.12.6)
      coderay (~> 1.0)
      method_source (~> 0.8)
      slop (~> 3.4)
    rack (1.5.2)
    rack-livereload (0.3.15)
      rack
    rack-protection (1.5.3)
      rack
    rb-fsevent (0.9.4)
    rb-inotify (0.9.3)
      ffi (>= 0.5.0)
    rest-client (1.6.7)
      mime-types (>= 1.16)
    sass (3.3.5)
    shotgun (0.9)
      rack (>= 1.0)
    sinatra (1.4.2)
      rack (~> 1.5, >= 1.5.2)
      rack-protection (~> 1.4)
      tilt (~> 1.3, >= 1.3.4)
    slop (3.5.0)
    spoon (0.0.4)
      ffi
    thor (0.19.1)
    tilt (1.4.1)
    timers (1.1.0)

PLATFORMS
  ruby

DEPENDENCIES
  bourbon
  growl
  guard
  guard-livereload
  guard-sass
  guard-shotgun!
  json
  neat
  rack-livereload
  rest-client
  shotgun
  sinatra
